PATH
  remote: .
  specs:
    vraptor-scaffold (1.2.0)
      activesupport (~> 3.0.9)
      rake (= 0.8.7)
      restfulie (= 1.0.3)
      thor (= 0.14.6)

GEM
  remote: http://rubygems.org/
  specs:
    ZenTest (4.4.0)
    abstract (1.0.0)
    actionpack (3.0.9)
      activemodel (= 3.0.9)
      activesupport (= 3.0.9)
      builder (~> 2.1.2)
      erubis (~> 2.6.6)
      i18n (~> 0.5.0)
      rack (~> 1.2.1)
      rack-mount (~> 0.6.14)
      rack-test (~> 0.5.7)
      tzinfo (~> 0.3.23)
    activemodel (3.0.9)
      activesupport (= 3.0.9)
      builder (~> 2.1.2)
      i18n (~> 0.5.0)
    activesupport (3.0.9)
    builder (2.1.2)
    erubis (2.6.6)
      abstract (>= 1.0.0)
    hypertemplate (1.2.0)
      json_pure
      nokogiri
    i18n (0.5.0)
    json_pure (1.5.3)
    medie (1.0.0)
      actionpack (>= 3.0.0)
      activesupport
      json_pure
      methodize
    methodize (0.2.0)
    nokogiri (1.4.6)
    rack (1.2.3)
    rack-conneg (0.1.4)
      rack (>= 1.0)
    rack-mount (0.6.14)
      rack (>= 1.0.0)
    rack-test (0.5.7)
      rack (>= 1.0)
    rake (0.8.7)
    rcov (0.9.9)
    respondie (0.9.0)
    restfulie (1.0.3)
      hypertemplate (~> 1.2.0)
      json_pure (>= 1.2.4)
      medie (~> 1.0.0)
      nokogiri (>= 1.4.2)
      rack-conneg
      respondie (~> 0.9.0)
      sqlite3-ruby
    rspec (1.3.2)
    sqlite3 (1.3.3)
    sqlite3-ruby (1.3.3)
      sqlite3 (>= 1.3.3)
    thor (0.14.6)
    tzinfo (0.3.28)

PLATFORMS
  ruby

DEPENDENCIES
  ZenTest (= 4.4.0)
  rcov (= 0.9.9)
  rspec (= 1.3.2)
  vraptor-scaffold!
