PATH
  remote: .
  specs:
    vraptor-scaffold (1.3.0)
      activesupport (= 3.0.1)
      rake
      thor (= 0.14.6)

GEM
  remote: http://rubygems.org/
  specs:
    ZenTest (4.4.0)
    activesupport (3.0.1)
    coderay (1.0.6)
    diff-lcs (1.1.3)
    method_source (0.7.1)
    multi_json (1.0.4)
    pry (0.9.9.6)
      coderay (~> 1.0.5)
      method_source (~> 0.7.1)
      slop (>= 2.4.4, < 3)
    rake (0.9.2.2)
    rspec (2.10.0)
      rspec-core (~> 2.10.0)
      rspec-expectations (~> 2.10.0)
      rspec-mocks (~> 2.10.0)
    rspec-core (2.10.1)
    rspec-expectations (2.10.0)
      diff-lcs (~> 1.1.3)
    rspec-mocks (2.10.1)
    simplecov (0.5.4)
      multi_json (~> 1.0.3)
      simplecov-html (~> 0.5.3)
    simplecov-html (0.5.3)
    slop (2.4.4)
    thor (0.14.6)

PLATFORMS
  ruby

DEPENDENCIES
  ZenTest (= 4.4.0)
  pry
  rspec
  simplecov (= 0.5.4)
  vraptor-scaffold!
