PATH
  remote: .
  specs:
    vraptor-scaffold (1.3.0)
      activesupport (= 7.0.4.1)
      rake (= 0.9.2)
      thor (= 0.14.6)

GEM
  remote: http://rubygems.org/
  specs:
    ZenTest (4.4.0)
    activesupport (7.0.4.1)
      concurrent-ruby (~> 1.0, >= 1.0.2)
      i18n (>= 1.6, < 2)
      minitest (>= 5.1)
      tzinfo (~> 2.0)
    concurrent-ruby (1.1.10)
    i18n (1.12.0)
      concurrent-ruby (~> 1.0)
    minitest (5.17.0)
    multi_json (1.0.3)
    rake (0.9.2)
    rspec (1.3.2)
    simplecov (0.5.4)
      multi_json (~> 1.0.3)
      simplecov-html (~> 0.5.3)
    simplecov-html (0.5.3)
    thor (0.14.6)
    tzinfo (2.0.5)
      concurrent-ruby (~> 1.0)

PLATFORMS
  ruby

DEPENDENCIES
  ZenTest (= 4.4.0)
  rspec (= 1.3.2)
  simplecov (= 0.5.4)
  vraptor-scaffold!
