PATH
  remote: .
  specs:
    vraptor-scaffold (1.2.0)
      activesupport (= 3.0.1)
      rake (= 0.9.2)
      thor (= 0.14.6)

GEM
  remote: http://rubygems.org/
  specs:
    ZenTest (4.4.0)
    activesupport (3.0.1)
    rake (0.9.2)
    rcov (0.9.9)
    rspec (1.3.2)
    thor (0.14.6)

PLATFORMS
  ruby

DEPENDENCIES
  ZenTest (= 4.4.0)
  rcov (= 0.9.9)
  rspec (= 1.3.2)
  vraptor-scaffold!
